GEM
  remote: https://rubygems.org/
  specs:
    ansi (1.5.0)
    builder (3.2.3)
    byebug (10.0.0)
    metaclass (0.0.4)
    minitest (5.11.3)
    minitest-reporters (1.1.19)
      ansi
      builder
      minitest (>= 5.0)
      ruby-progressbar
    mocha (1.3.0)
      metaclass (~> 0.0.1)
    rake (12.3.0)
    ruby-progressbar (1.9.0)

PLATFORMS
  ruby

DEPENDENCIES
  byebug (= 10.0.0)
  minitest (= 5.11.3)
  minitest-reporters (= 1.1.19)
  mocha (= 1.3.0)
  rake (= 12.3.0)

BUNDLED WITH
   1.16.1
